GEM
  remote: https://rubygems.org/
  specs:
    minitest (5.8.4)

PLATFORMS
  ruby

DEPENDENCIES
  minitest (~> 5.8)

BUNDLED WITH
   1.11.2
